GIT
  remote: https://github.com/intridea/multi_json.git
  revision: 1ba3be42600696f676d9cc1f029227b84c3c763b
  specs:
    multi_json (1.11.2)

GIT
  remote: https://github.com/rack/rack.git
  revision: 2f782ce099989e214466872c797f530b5349357d
  specs:
    rack (2.0.0.alpha)
      json

GIT
  remote: https://github.com/rtomayko/tilt.git
  revision: 1e388dbaab5bf39ccaada5a495c97c10ab91358c
  specs:
    tilt (2.0.1)

GIT
  remote: https://github.com/thoughtbot/shoulda-matchers.git
  revision: 369e9d4c36cf4057eccd997bbb006d838b5aac0f
  specs:
    shoulda-matchers (3.0.0)
      activesupport (>= 4.0.0)

GIT
  remote: https://github.com/vcr/vcr.git
  revision: 0a369e9da7c4aad2e9307aa0632d30f4b88d0b0b
  specs:
    vcr (2.9.3)

GEM
  remote: https://rubygems.org/
  specs:
    activesupport (5.2.4.3)
      concurrent-ruby (~> 1.0, >= 1.0.2)
      i18n (>= 0.7, < 2)
      minitest (~> 5.1)
      tzinfo (~> 1.1)
    concurrent-ruby (1.1.6)
    i18n (1.5.1)
      concurrent-ruby (~> 1.0)
    json (2.3.1)
    minitest (5.14.1)
    thread_safe (0.3.6)
    tzinfo (1.2.7)
      thread_safe (~> 0.1)

PLATFORMS
  ruby

DEPENDENCIES
  multi_json!
  rack!
  shoulda-matchers!
  tilt!
  vcr!

BUNDLED WITH
   1.10.6
